GEM
  specs:

PLATFORMS
  aarch64-linux

DEPENDENCIES

BUNDLED WITH
   2.6.7
